GEM
  remote: https://rubygems.org/
  specs:
    choice (0.1.6)
    chronic (0.9.1)
    faraday (0.8.7)
      multipart-post (~> 1.1)
    geokit (1.6.5)
      multi_json
    google-spreadsheet-ruby (0.3.1)
      google_drive (>= 0.3.0)
    google_drive (0.3.6)
      nokogiri (>= 1.4.4, != 1.5.2, != 1.5.1)
      oauth (>= 0.3.6)
      oauth2 (>= 0.5.0)
    httpauth (0.2.0)
    json (1.8.0)
    jwt (0.1.8)
      multi_json (>= 1.5)
    log4r (1.1.10)
    madison (0.3.0)
      json
    mini_portile (0.5.0)
    multi_json (1.7.6)
    multi_xml (0.5.4)
    multipart-post (1.2.0)
    nokogiri (1.6.0)
      mini_portile (~> 0.5.0)
    oauth (0.4.7)
    oauth2 (0.9.1)
      faraday (~> 0.8)
      httpauth (~> 0.1)
      jwt (~> 0.1.4)
      multi_json (~> 1.0)
      multi_xml (~> 0.5)
      rack (~> 1.2)
    rack (1.5.2)
    roo (1.10.1)
      choice (>= 0.1.4)
      google-spreadsheet-ruby (>= 0.1.5)
      nokogiri (>= 1.5.0)
      rubyzip (>= 0.9.4)
      spreadsheet (> 0.6.4)
      todonotes (>= 0.1.0)
    ruby-ole (1.2.11.6)
    rubyXL (1.2.5)
    rubyzip (0.9.9)
    simple-spreadsheet (0.1.1)
      roo (= 1.10.1)
      rubyXL (= 1.2.5)
      spreadsheet (= 0.6.5.9)
    spreadsheet (0.6.5.9)
      ruby-ole (>= 1.0)
    todonotes (0.1.1)
      log4r

PLATFORMS
  ruby

DEPENDENCIES
  chronic
  geokit
  madison
  roo
  simple-spreadsheet
